FRAMEWORK: >= NET45
NUGET
  remote: https://www.nuget.org/api/v2
    CommandLineParser (2.1.1-beta)
      System.Collections (>= 4.0.11-rc2-24027) - framework: >= net462
      System.Console (>= 4.0.0-rc2-24027) - framework: >= net462
      System.Diagnostics.Debug (>= 4.0.11-rc2-24027) - framework: >= net462
      System.Globalization (>= 4.0.11-rc2-24027) - framework: >= net462
      System.IO (>= 4.1.0-rc2-24027) - framework: >= net462
      System.Linq (>= 4.1.0-rc2-24027) - framework: >= net462
      System.Linq.Expressions (>= 4.0.11-rc2-24027) - framework: >= net462
      System.Reflection (>= 4.1.0-rc2-24027) - framework: >= net462
      System.Reflection.Extensions (>= 4.0.1-rc2-24027) - framework: >= net462
      System.Reflection.TypeExtensions (>= 4.1.0-rc2-24027) - framework: >= net462
      System.Resources.ResourceManager (>= 4.0.1-rc2-24027) - framework: >= net462
      System.Runtime (>= 4.1.0-rc2-24027) - framework: >= net462
      System.Runtime.Extensions (>= 4.1.0-rc2-24027) - framework: >= net462
    EPPlus (4.1)
    JetBrains.Annotations (11.0)
    System.Collections (4.3) - framework: >= net462
    System.Console (4.3) - framework: >= net462
    System.Diagnostics.Debug (4.3) - framework: >= net462
    System.Globalization (4.3) - framework: >= net462
    System.IO (4.3) - framework: >= net462
    System.Linq (4.3) - framework: >= net462
    System.Linq.Expressions (4.3) - framework: >= net462
    System.Reflection (4.3) - framework: >= net462
    System.Reflection.Extensions (4.3) - framework: >= net462
    System.Reflection.TypeExtensions (4.4) - framework: >= net462
    System.Resources.ResourceManager (4.3) - framework: >= net462
    System.Runtime (4.3) - framework: >= net462
    System.Runtime.Extensions (4.3) - framework: >= net462
